PATH
  remote: .
  specs:
    shiv (0.0.1)

GEM
  remote: https://rubygems.org/
  specs:
    aruba (0.5.3)
      childprocess (>= 0.3.6)
      cucumber (>= 1.1.1)
      rspec-expectations (>= 2.7.0)
    builder (3.0.4)
    childprocess (0.3.9)
      ffi (~> 1.0, >= 1.0.11)
    cucumber (1.3.2)
      builder (>= 2.1.2)
      diff-lcs (>= 1.1.3)
      gherkin (~> 2.12.0)
      multi_json (~> 1.3)
    diff-lcs (1.2.4)
    ffi (1.8.1)
    gherkin (2.12.0)
      multi_json (~> 1.3)
    gli (2.5.6)
    highline (1.6.19)
    json (1.8.0)
    mime-types (1.23)
    multi_json (1.7.3)
    rake (10.0.4)
    rest-client (1.6.7)
      mime-types (>= 1.16)
    rspec-expectations (2.13.0)
      diff-lcs (>= 1.1.3, < 2.0)

PLATFORMS
  ruby

DEPENDENCIES
  aruba
  bundler (~> 1.3)
  cucumber
  gli
  highline
  json
  rake
  rest-client
  shiv!
