PATH
  remote: .
  specs:
    shiv-cli (0.0.1)
      gli
      highline
      rest-client

GEM
  remote: https://rubygems.org/
  specs:
    gli (2.5.6)
    highline (1.6.19)
    json (1.8.0)
    mime-types (1.23)
    rake (10.0.4)
    rest-client (1.6.7)
      mime-types (>= 1.16)

PLATFORMS
  ruby

DEPENDENCIES
  bundler (~> 1.3)
  gli
  highline
  json
  rake
  rest-client
  shiv-cli!
